GEM
  remote: http://rubygems.org/
  specs:
    diff-lcs (1.2.5)
    fakeweb (1.3.0)
    git (1.2.6)
    httparty (0.8.3)
      multi_json (~> 1.0)
      multi_xml
    jeweler (1.6.4)
      bundler (~> 1.0)
      git (>= 1.2.5)
      rake
    json (1.7.7)
    metaclass (0.0.1)
    mocha (0.10.5)
      metaclass (~> 0.0.1)
    multi_json (1.8.2)
    multi_xml (0.5.5)
    rake (10.1.1)
    rcov (0.9.11)
    rspec (2.14.1)
      rspec-core (~> 2.14.0)
      rspec-expectations (~> 2.14.0)
      rspec-mocks (~> 2.14.0)
    rspec-core (2.14.7)
    rspec-expectations (2.14.4)
      diff-lcs (>= 1.1.3, < 2.0)
    rspec-mocks (2.14.4)
    vcr (1.11.3)
    xml-simple (1.1.3)

PLATFORMS
  ruby

DEPENDENCIES
  bundler (~> 1.3.4)
  fakeweb (~> 1.3.0)
  httparty (~> 0.8.1)
  jeweler (~> 1.6.0)
  json (~> 1.7.0)
  mocha (~> 0.10.5)
  rcov (= 0.9.11)
  rspec
  vcr (~> 1.11.3)
  xml-simple (~> 1.1.0)
